PATH
  remote: .
  specs:
    triangle_pattern (0.2.2)
      delaunator (~> 0.1.1)
      gradient (~> 0.5.1)

GEM
  remote: https://rubygems.org/
  specs:
    color (1.8)
    delaunator (0.1.1)
    diff-lcs (1.6.0)
    gradient (0.5.1)
      color (~> 1.8)
      nokogiri (~> 1.6)
    nokogiri (1.16.0-x86_64-linux)
      racc (~> 1.4)
    racc (1.7.3)
    rake (13.2.1)
    rspec (3.13.0)
      rspec-core (~> 3.13.0)
      rspec-expectations (~> 3.13.0)
      rspec-mocks (~> 3.13.0)
    rspec-core (3.13.3)
      rspec-support (~> 3.13.0)
    rspec-expectations (3.13.3)
      diff-lcs (>= 1.2.0, < 2.0)
      rspec-support (~> 3.13.0)
    rspec-mocks (3.13.2)
      diff-lcs (>= 1.2.0, < 2.0)
      rspec-support (~> 3.13.0)
    rspec-support (3.13.2)
    scanf (1.0.0)

PLATFORMS
  x86_64-linux

DEPENDENCIES
  bundler (~> 2.0)
  delaunator (~> 0.1.0)
  gradient
  rake (< 14.0)
  rspec
  scanf (~> 1.0)
  triangle_pattern!

BUNDLED WITH
   2.4.10
