PATH
  remote: .
  specs:
    triangle (0.1.0)

GEM
  remote: https://rubygems.org/
  specs:
    coderay (1.1.2)
    color (1.8)
    delaunator (0.1.0)
    diff-lcs (1.3)
    gradient (0.5.1)
      color (~> 1.8)
      nokogiri (~> 1.6)
    method_source (0.9.2)
    mini_portile2 (2.4.0)
    nokogiri (1.10.8)
      mini_portile2 (~> 2.4.0)
    pry (0.12.2)
      coderay (~> 1.1.0)
      method_source (~> 0.9.0)
    rake (10.5.0)
    rspec (3.9.0)
      rspec-core (~> 3.9.0)
      rspec-expectations (~> 3.9.0)
      rspec-mocks (~> 3.9.0)
    rspec-core (3.9.0)
      rspec-support (~> 3.9.0)
    rspec-expectations (3.9.0)
      diff-lcs (>= 1.2.0, < 2.0)
      rspec-support (~> 3.9.0)
    rspec-mocks (3.9.0)
      diff-lcs (>= 1.2.0, < 2.0)
      rspec-support (~> 3.9.0)
    rspec-support (3.9.0)
    victor (0.2.8)

PLATFORMS
  ruby

DEPENDENCIES
  bundler (~> 2.0)
  delaunator (~> 0.1.0)
  gradient
  pry
  rake (~> 10.0)
  rspec (~> 3.0)
  triangle!
  victor (~> 0.2.8)

BUNDLED WITH
   2.0.2
