PATH
  remote: .
  specs:
    triangle_pattern (0.2.2)
      delaunator (~> 0.1.1)
      gradient (~> 0.5.1)

GEM
  remote: https://rubygems.org/
  specs:
    color (1.8)
    delaunator (0.1.1)
    diff-lcs (1.3)
    gradient (0.5.1)
      color (~> 1.8)
      nokogiri (~> 1.6)
    mini_portile2 (2.4.0)
    nokogiri (1.10.9)
      mini_portile2 (~> 2.4.0)
    rake (13.0.1)
    rspec (3.9.0)
      rspec-core (~> 3.9.0)
      rspec-expectations (~> 3.9.0)
      rspec-mocks (~> 3.9.0)
    rspec-core (3.9.1)
      rspec-support (~> 3.9.1)
    rspec-expectations (3.9.1)
      diff-lcs (>= 1.2.0, < 2.0)
      rspec-support (~> 3.9.0)
    rspec-mocks (3.9.1)
      diff-lcs (>= 1.2.0, < 2.0)
      rspec-support (~> 3.9.0)
    rspec-support (3.9.2)

PLATFORMS
  ruby

DEPENDENCIES
  bundler (~> 2.0)
  delaunator (~> 0.1.0)
  gradient
  rake (< 14.0)
  rspec
  triangle_pattern!

BUNDLED WITH
   2.1.2
